GEM
  remote: https://rubygems.org/
  specs:
    diff-lcs (1.3)
    git (1.11.0)
      rchardet (~> 1.8)
    rake (13.0.1)
    rchardet (1.8.0)
    require_all (3.0.0)
    rspec (3.9.0)
      rspec-core (~> 3.9.0)
      rspec-expectations (~> 3.9.0)
      rspec-mocks (~> 3.9.0)
    rspec-core (3.9.1)
      rspec-support (~> 3.9.1)
    rspec-expectations (3.9.0)
      diff-lcs (>= 1.2.0, < 2.0)
      rspec-support (~> 3.9.0)
    rspec-mocks (3.9.1)
      diff-lcs (>= 1.2.0, < 2.0)
      rspec-support (~> 3.9.0)
    rspec-support (3.9.2)

PLATFORMS
  x64-mingw32
  x86_64-darwin-21 
  x86_64-linux

DEPENDENCIES
  git
  rake
  require_all
  rspec

BUNDLED WITH
   2.3.8
